{
    "Manufacturer": "Value was not specified",
    "ManufacturersModelName": "Bio7T",
    "DeviceSerialNumber": "Value was not specified",
    "StationName": "Bio7T",
    "SoftwareVersion": "Value was not specified",
    "MagneticFieldStrength": 7.052482477287275,
    "ReceiveCoilName": "Value was not specified",
    "ReceiveCoilActiveElements": "Value was not specified",
    "GradientSetType": "S116",
    "MRTransmitCoilSequence": {
        "Name": null,
        "Manufacture": null,
        "Type": null
    },
    "CoilConfigName": "Default_Transceiver_1H_50W",
    "MatrixCoilMode": "SingleExperiment",
    "CoilCombinationMethod": "Value was not specified",
    "PulseSequenceType": "DtiEpi.ppg",
    "ScanningSequence": "DtiEpi (pvm)",
    "SequenceVariant": "Value was not specified",
    "ScanOptions": {
        "RG": null,
        "CG": null,
        "PFF": null,
        "PFP": null,
        "FC": null,
        "SP": "Off",
        "FP": null
    },
    "SequenceName": "6_EPI-diffusion-tensor (FOV carre)",
    "PulseSequenceDetails": "6_EPI-diffusion-tensor (FOV carre)",
    "NonlinearGradientCorrection": "Value was not specified",
    "NumberShots": "Value was not specified",
    "ParallelReductionFactorInPlane": 1,
    "ParallelAcquisitionTechnique": "Value was not specified",
    "PartialFourier": "Value was not specified",
    "PartialFourierDirection": "Value was not specified",
    "PhaseEncodingDirection": "col_dir",
    "EffectiveEchoSpacing": 3.2999999999999985e-06,
    "TotalReadoutTime": 0.00029039999999999985,
    "EchoTime": 0.0209724,
    "InversionTime": "Value was not specified",
    "SliceTiming": [
        0.0,
        0.01904761904761905,
        0.0380952380952381,
        0.05714285714285715,
        0.0761904761904762,
        0.09523809523809525,
        0.1142857142857143,
        0.13333333333333336,
        0.009523809523809525,
        0.028571428571428574,
        0.04761904761904762,
        0.06666666666666668,
        0.08571428571428572,
        0.10476190476190478,
        0.12380952380952381
    ],
    "SliceEncodingDirection": "Value was not specified",
    "DwellTime": 0.00029039999999999985,
    "FlipAngle": 90,
    "MultibandAccerlationFactor": "Value was not specified",
    "AnatomicalLandmarkCoordinates": "Value was not specified",
    "InstitutionName": "Animage",
    "InstitutionAddress": "Value was not specified",
    "InstitutionalDepartmentName": "Value was not specified"
}