{
    "Manufacturer": "Value was not specified",
    "ManufacturersModelName": "Bio7T",
    "DeviceSerialNumber": "Value was not specified",
    "StationName": "Bio7T",
    "SoftwareVersion": "Value was not specified",
    "MagneticFieldStrength": 7.052469266504064,
    "ReceiveCoilName": "Value was not specified",
    "ReceiveCoilActiveElements": "Value was not specified",
    "GradientSetType": "S116",
    "MRTransmitCoilSequence": {
        "Name": null,
        "Manufacture": null,
        "Type": null
    },
    "CoilConfigName": "Default_Transceiver_1H_50W",
    "MatrixCoilMode": "SingleExperiment",
    "CoilCombinationMethod": "Value was not specified",
    "PulseSequenceType": "RARE.ppg",
    "ScanningSequence": "RARE (pvm)",
    "SequenceVariant": "Value was not specified",
    "ScanOptions": {
        "RG": null,
        "CG": null,
        "PFF": null,
        "PFP": null,
        "FC": null,
        "SP": "Off",
        "FP": null
    },
    "SequenceName": "4_T2_RARE_AX_TE75 (FOV carre)",
    "PulseSequenceDetails": "4_T2_RARE_AX_TE75 (FOV carre)",
    "NonlinearGradientCorrection": "Value was not specified",
    "NumberShots": "Value was not specified",
    "ParallelReductionFactorInPlane": 8,
    "ParallelAcquisitionTechnique": "Value was not specified",
    "PartialFourier": "Value was not specified",
    "PartialFourierDirection": "Value was not specified",
    "PhaseEncodingDirection": "col_dir",
    "EffectiveEchoSpacing": 3.5999999999999884e-06,
    "TotalReadoutTime": 0.000921599999999997,
    "EchoTime": 0.075,
    "InversionTime": "Value was not specified",
    "SliceTiming": [
        0.0,
        0.6666666666666666,
        1.3333333333333333,
        2.0,
        2.6666666666666665,
        3.333333333333333,
        4.0,
        4.666666666666666,
        0.3333333333333333,
        1.0,
        1.6666666666666665,
        2.333333333333333,
        3.0,
        3.6666666666666665,
        4.333333333333333
    ],
    "SliceEncodingDirection": "Value was not specified",
    "DwellTime": 0.007372799999999976,
    "FlipAngle": 180,
    "MultibandAccerlationFactor": "Value was not specified",
    "AnatomicalLandmarkCoordinates": "Value was not specified",
    "InstitutionName": "Animage",
    "InstitutionAddress": "Value was not specified",
    "InstitutionalDepartmentName": "Value was not specified"
}